RESTRICTION: == net461
NUGET
  remote: https://www.nuget.org/api/v2
    Aether (8.2)
      FSharp.Core (>= 4.1)
    BCrypt.Net-Next (2.1.1)
      System.Text.RegularExpressions (>= 4.3)
    Chessie (0.6)
      FSharp.Core
    Chiron (6.2.1)
      Aether (>= 8.0.2 < 9.0)
      FParsec (>= 1.0 < 2.0)
    DotLiquid (2.0.64)
    FAKE (4.63)
    FParsec (1.0.3)
      FSharp.Core (>= 4.0.0.1)
    FSharp.Core (4.2.2)
    Hopac (0.3.23)
      FSharp.Core (>= 3.1.2.5)
    Logary (4.2.1)
      FParsec (>= 1.0.2)
      FSharp.Core (>= 4.0.0.1)
      Hopac (>= 0.3.23)
      NodaTime (>= 1.3.2)
    Logary.Adapters.Suave (4.0.200)
      FSharp.Core (>= 4.0.0.1)
      Hopac (>= 0.3.23)
      Logary (>= 4.0.200)
      NodaTime (>= 1.3.2)
      Suave (>= 1.1.3)
    Newtonsoft.Json (10.0.3)
    NodaTime (1.3.2)
    RestSharp (105.2.3)
    stream-net (1.3.2)
      Newtonsoft.Json (>= 6.0.8)
      RestSharp (>= 105.0.1)
    Suave (2.2)
      FSharp.Core (>= 4.0.0.1)
    Suave.DotLiquid (2.2)
      DotLiquid (>= 2.0.64)
      FSharp.Core (>= 4.0.0.1)
      Suave (>= 2.2)
    Suave.Experimental (2.2)
      FSharp.Core (>= 4.0.0.1)
      Suave (>= 2.2)
    System.Text.RegularExpressions (4.3)

GROUP Database
RESTRICTION: == net461
NUGET
  remote: https://www.nuget.org/api/v2
    FluentMigrator (1.6.2)
    Npgsql (3.1.10)
    SQLProvider (1.1.7)

GROUP Email
RESTRICTION: == net461
NUGET
  remote: https://www.nuget.org/api/v2
    Newtonsoft.Json (10.0.3)
    Postmark (2.2.1)
      Newtonsoft.Json (>= 6.0.6)
