RESTRICTION: == net461
NUGET
  remote: https://www.nuget.org/api/v2
    BCrypt.Net-Next (2.1.1)
      System.Text.RegularExpressions (>= 4.3)
    Chessie (0.6)
      FSharp.Core
    DotLiquid (2.0.64)
    FAKE (4.63)
    FSharp.Core (4.2.2)
    Suave (2.2)
      FSharp.Core (>= 4.0.0.1)
    Suave.DotLiquid (2.2)
      DotLiquid (>= 2.0.64)
      FSharp.Core (>= 4.0.0.1)
      Suave (>= 2.2)
    Suave.Experimental (2.2)
      FSharp.Core (>= 4.0.0.1)
      Suave (>= 2.2)
    System.Text.RegularExpressions (4.3)

GROUP Database
RESTRICTION: == net461
NUGET
  remote: https://www.nuget.org/api/v2
    FluentMigrator (1.6.2)
    Npgsql (3.1.10)
