RESTRICTION: == net461
NUGET
  remote: https://www.nuget.org/api/v2
    Chessie (0.6)
      FSharp.Core
    DotLiquid (2.0.64)
    FAKE (4.63)
    FSharp.Core (4.2.2)
    Suave (2.2)
      FSharp.Core (>= 4.0.0.1)
    Suave.DotLiquid (2.2)
      DotLiquid (>= 2.0.64)
      FSharp.Core (>= 4.0.0.1)
      Suave (>= 2.2)
    Suave.Experimental (2.2)
      FSharp.Core (>= 4.0.0.1)
      Suave (>= 2.2)

GROUP Database
RESTRICTION: == net461
NUGET
  remote: https://www.nuget.org/api/v2
    FluentMigrator (1.6.2)
    Npgsql (3.2.5)
      System.Threading.Tasks.Extensions (>= 4.3)
    System.Collections (4.3)
    System.Runtime (4.3)
    System.Threading.Tasks (4.3)
    System.Threading.Tasks.Extensions (4.4)
      System.Collections (>= 4.3)
      System.Runtime (>= 4.3)
      System.Threading.Tasks (>= 4.3)
